GEM
  remote: http://rubygems.org/
  specs:
    actionmailer (3.2.17)
      actionpack (= 3.2.17)
      mail (~> 2.5.4)
    actionpack (3.2.17)
      activemodel (= 3.2.17)
      activesupport (= 3.2.17)
      builder (~> 3.0.0)
      erubis (~> 2.7.0)
      journey (~> 1.0.4)
      rack (~> 1.4.5)
      rack-cache (~> 1.2)
      rack-test (~> 0.6.1)
      sprockets (~> 2.2.1)
    activemodel (3.2.17)
      activesupport (= 3.2.17)
      builder (~> 3.0.0)
    activerecord (3.2.17)
      activemodel (= 3.2.17)
      activesupport (= 3.2.17)
      arel (~> 3.0.2)
      tzinfo (~> 0.3.29)
    activeresource (3.2.17)
      activemodel (= 3.2.17)
      activesupport (= 3.2.17)
    activesupport (3.2.17)
      i18n (~> 0.6, >= 0.6.4)
      multi_json (~> 1.0)
    addressable (2.4.0)
    ancestry (2.1.0)
      activerecord (>= 3.0.0)
    arel (3.0.3)
    attr_encrypted (3.0.3)
      encryptor (~> 3.0.0)
    auto_strip_attributes (2.1.0)
      activerecord (>= 3.0)
    builder (3.0.4)
    capistrano (2.15.9)
      highline
      net-scp (>= 1.0.0)
      net-sftp (>= 2.0.0)
      net-ssh (>= 2.0.14)
      net-ssh-gateway (>= 1.1.0)
    charlock_holmes (0.7.3)
    chartkick (2.1.1)
    chronic (0.10.2)
    climate_control (0.0.3)
      activesupport (>= 3.0)
    cocaine (0.5.8)
      climate_control (>= 0.0.3, < 1.0)
    columnize (0.9.0)
    database_cleaner (1.5.3)
    debugger-linecache (1.2.0)
    debugger2 (1.0.0.beta2)
      columnize (>= 0.3.1)
      debugger-linecache (~> 1.2.0)
    diff-lcs (1.2.5)
    email_spec (1.6.0)
      launchy (~> 2.1)
      mail (~> 2.2)
    encryptor (3.0.0)
    erubis (2.7.0)
    event-calendar (2.3.3)
    factory_girl (4.7.0)
      activesupport (>= 3.0.0)
    factory_girl_rails (4.7.0)
      factory_girl (~> 4.7.0)
      railties (>= 3.0.0)
    fakefs (0.9.2)
    formtastic (3.1.4)
      actionpack (>= 3.2.13)
    github-markup (1.4.0)
    gitlab-grit (2.8.1)
      charlock_holmes (~> 0.6)
      diff-lcs (~> 1.1)
      mime-types (>= 1.16, < 3)
      posix-spawn (~> 0.3)
    gollum (4.0.1)
      gollum-lib (~> 4.0, >= 4.0.1)
      kramdown (~> 1.8.0)
      mustache (>= 0.99.5, < 1.0.0)
      sinatra (~> 1.4, >= 1.4.4)
      useragent (~> 0.14.0)
    gollum-grit_adapter (1.0.1)
      gitlab-grit (~> 2.7, >= 2.7.1)
    gollum-lib (4.2.1)
      github-markup (~> 1.4.0)
      gollum-grit_adapter (~> 1.0)
      nokogiri (~> 1.6.4)
      rouge (~> 2.0)
      sanitize (~> 2.1.0)
      stringex (~> 2.5.1)
    highline (1.7.8)
    hike (1.2.3)
    i18n (0.7.0)
    journey (1.0.4)
    jquery-rails (3.1.4)
      railties (>= 3.0, < 5.0)
      thor (>= 0.14, < 2.0)
    json (1.8.3)
    json_builder (3.1.7)
      activesupport (>= 2.0.0)
      json
    kramdown (1.8.0)
    launchy (2.4.3)
      addressable (~> 2.3)
    madeline (0.1.11)
    mail (2.5.4)
      mime-types (~> 1.16)
      treetop (~> 1.4.8)
    mime-types (1.25.1)
    mimemagic (0.3.0)
    mini_portile2 (2.1.0)
    minitest (5.9.1)
    multi_json (1.12.1)
    mustache (0.99.8)
    mysql2 (0.3.15)
    net-scp (1.2.1)
      net-ssh (>= 2.6.5)
    net-sftp (2.1.2)
      net-ssh (>= 2.6.5)
    net-ssh (2.7.0)
    net-ssh-gateway (1.2.0)
      net-ssh (>= 2.6.5)
    nokogiri (1.6.8.1)
      mini_portile2 (~> 2.1.0)
    paperclip (4.3.7)
      activemodel (>= 3.2.0)
      activesupport (>= 3.2.0)
      cocaine (~> 0.5.5)
      mime-types
      mimemagic (= 0.3.0)
    polyglot (0.3.5)
    posix-spawn (0.3.11)
    rack (1.4.7)
    rack-cache (1.6.1)
      rack (>= 0.4)
    rack-protection (1.5.3)
      rack
    rack-ssl (1.3.4)
      rack
    rack-test (0.6.3)
      rack (>= 1.0)
    rails (3.2.17)
      actionmailer (= 3.2.17)
      actionpack (= 3.2.17)
      activerecord (= 3.2.17)
      activeresource (= 3.2.17)
      activesupport (= 3.2.17)
      bundler (~> 1.0)
      railties (= 3.2.17)
    railties (3.2.17)
      actionpack (= 3.2.17)
      activesupport (= 3.2.17)
      rack-ssl (~> 1.3.2)
      rake (>= 0.8.7)
      rdoc (~> 3.4)
      thor (>= 0.14.6, < 2.0)
    rake (11.3.0)
    rdoc (3.12.2)
      json (~> 1.4)
    rouge (2.0.6)
    rspec-core (3.5.4)
      rspec-support (~> 3.5.0)
    rspec-expectations (3.5.0)
      diff-lcs (>= 1.2.0, < 2.0)
      rspec-support (~> 3.5.0)
    rspec-mocks (3.5.0)
      diff-lcs (>= 1.2.0, < 2.0)
      rspec-support (~> 3.5.0)
    rspec-rails (3.5.2)
      actionpack (>= 3.0)
      activesupport (>= 3.0)
      railties (>= 3.0)
      rspec-core (~> 3.5.0)
      rspec-expectations (~> 3.5.0)
      rspec-mocks (~> 3.5.0)
      rspec-support (~> 3.5.0)
    rspec-support (3.5.0)
    ruby-ole (1.2.12)
    rubyzip (0.9.9)
    sanitize (2.1.0)
      nokogiri (>= 1.4.4)
    select2-rails (4.0.3)
      thor (~> 0.14)
    settingslogic (2.0.9)
    shoulda (3.5.0)
      shoulda-context (~> 1.0, >= 1.0.1)
      shoulda-matchers (>= 1.4.1, < 3.0)
    shoulda-context (1.2.1)
    shoulda-matchers (2.8.0)
      activesupport (>= 3.0.0)
    simple_navigation (1.4.5)
    sinatra (1.4.6)
      rack (~> 1.4)
      rack-protection (~> 1.4)
      tilt (>= 1.3, < 3)
    spreadsheet (1.1.3)
      ruby-ole (>= 1.0)
    sprockets (2.2.2)
      hike (~> 1.2)
      multi_json (~> 1.0)
      rack (~> 1.0)
      tilt (~> 1.1, != 1.3.0)
    stringex (2.5.2)
    strong_parameters (0.2.3)
      actionpack (~> 3.0)
      activemodel (~> 3.0)
      activesupport (~> 3.0)
      railties (~> 3.0)
    thor (0.19.1)
    tilt (1.4.1)
    treetop (1.4.15)
      polyglot
      polyglot (>= 0.3.1)
    tzinfo (0.3.51)
    useragent (0.14.0)
    whenever (0.9.7)
      chronic (>= 0.6.3)
    will_paginate (3.1.3)

PLATFORMS
  ruby

DEPENDENCIES
  ancestry
  attr_encrypted
  auto_strip_attributes
  builder
  capistrano (~> 2.15.5)
  chartkick
  database_cleaner
  debugger2
  email_spec
  event-calendar
  factory_girl
  factory_girl_rails
  fakefs
  formtastic
  gollum
  jquery-rails
  json_builder
  madeline (~> 0.1.11)
  minitest
  mysql2 (= 0.3.15)
  net-ssh (~> 2.7.0)
  paperclip
  rails (= 3.2.17)
  rake
  rspec-rails
  rubyzip (< 1.0.0)
  select2-rails
  settingslogic
  shoulda
  shoulda-matchers
  simple_navigation
  spreadsheet
  sprockets (= 2.2.2)
  strong_parameters
  whenever
  will_paginate

BUNDLED WITH
   1.13.2
