GIT
  remote: git://github.com/mark-moseley/linecache
  revision: 869c6a65155068415925067e480741bd0a71527e
  specs:
    linecache19 (0.5.12)
      ruby_core_source (>= 0.1.4)

GEM
  remote: http://rubygems.org/
  specs:
    actionmailer (3.2.12)
      actionpack (= 3.2.12)
      mail (~> 2.4.4)
    actionpack (3.2.12)
      activemodel (= 3.2.12)
      activesupport (= 3.2.12)
      builder (~> 3.0.0)
      erubis (~> 2.7.0)
      journey (~> 1.0.4)
      rack (~> 1.4.5)
      rack-cache (~> 1.2)
      rack-test (~> 0.6.1)
      sprockets (~> 2.2.1)
    activemodel (3.2.12)
      activesupport (= 3.2.12)
      builder (~> 3.0.0)
    activerecord (3.2.12)
      activemodel (= 3.2.12)
      activesupport (= 3.2.12)
      arel (~> 3.0.2)
      tzinfo (~> 0.3.29)
    activeresource (3.2.12)
      activemodel (= 3.2.12)
      activesupport (= 3.2.12)
    activesupport (3.2.12)
      i18n (~> 0.6)
      multi_json (~> 1.0)
    ancestry (1.3.0)
      activerecord (>= 2.3.14)
    archive-tar-minitar (0.5.2)
    arel (3.0.2)
    auto_strip_attributes (1.1)
      activerecord (>= 3.0)
    bcrypt-ruby (3.0.1)
    bourne (1.1.2)
      mocha (= 0.10.5)
    builder (3.0.4)
    cancan (1.6.9)
    capistrano (2.14.2)
      highline
      net-scp (>= 1.0.0)
      net-sftp (>= 2.0.0)
      net-ssh (>= 2.0.14)
      net-ssh-gateway (>= 1.1.0)
    chronic (0.9.1)
    climate_control (0.0.3)
      activesupport (>= 3.0)
    cocaine (0.5.1)
      climate_control (>= 0.0.3, < 1.0)
    columnize (0.3.6)
    devise (2.2.3)
      bcrypt-ruby (~> 3.0)
      orm_adapter (~> 0.1)
      railties (~> 3.1)
      warden (~> 1.2.1)
    devise_ldap_authenticatable (0.6.1)
      devise (>= 2.0.0)
      net-ldap (~> 0.2.2)
    diff-lcs (1.2.1)
    erubis (2.7.0)
    event-calendar (2.3.3)
    factory_girl (4.2.0)
      activesupport (>= 3.0.0)
    factory_girl_rails (4.2.1)
      factory_girl (~> 4.2.0)
      railties (>= 3.0.0)
    formtastic (2.2.1)
      actionpack (>= 3.0)
    github-markdown (0.5.3)
    github-markup (0.7.5)
    gollum (2.4.11)
      github-markdown (~> 0.5.3)
      github-markup (>= 0.7.4, < 1.0.0)
      grit (~> 2.5.0)
      mustache (>= 0.99.4, < 1.0.0)
      nokogiri (~> 1.5.5)
      pygments.rb (~> 0.3.2)
      sanitize (~> 2.0.3)
      sinatra (~> 1.3.3)
      stringex (~> 1.5.1)
      useragent (~> 0.4.15)
    grit (2.5.0)
      diff-lcs (~> 1.1)
      mime-types (~> 1.15)
      posix-spawn (~> 0.3.6)
    highline (1.6.15)
    hike (1.2.1)
    i18n (0.6.4)
    journey (1.0.4)
    jquery-rails (2.2.1)
      railties (>= 3.0, < 5.0)
      thor (>= 0.14, < 2.0)
    json (1.7.7)
    json_builder (3.1.7)
      activesupport (>= 2.0.0)
      json
    madeline (0.1.10)
    mail (2.4.4)
      i18n (>= 0.4.0)
      mime-types (~> 1.16)
      treetop (~> 1.4.8)
    metaclass (0.0.1)
    mime-types (1.21)
    mocha (0.10.5)
      metaclass (~> 0.0.1)
    multi_json (1.6.1)
    mustache (0.99.4)
    mysql2 (0.3.11)
    net-ldap (0.2.2)
    net-scp (1.1.0)
      net-ssh (>= 2.6.5)
    net-sftp (2.1.1)
      net-ssh (>= 2.6.5)
    net-ssh (2.6.6)
    net-ssh-gateway (1.2.0)
      net-ssh (>= 2.6.5)
    nokogiri (1.5.6)
    orm_adapter (0.4.0)
    paperclip (3.4.1)
      activemodel (>= 3.0.0)
      activerecord (>= 3.0.0)
      activesupport (>= 3.0.0)
      cocaine (~> 0.5.0)
      mime-types
    polyglot (0.3.3)
    posix-spawn (0.3.6)
    pygments.rb (0.3.7)
      posix-spawn (~> 0.3.6)
      yajl-ruby (~> 1.1.0)
    rack (1.4.5)
    rack-cache (1.2)
      rack (>= 0.4)
    rack-protection (1.3.2)
      rack
    rack-ssl (1.3.3)
      rack
    rack-test (0.6.2)
      rack (>= 1.0)
    rails (3.2.12)
      actionmailer (= 3.2.12)
      actionpack (= 3.2.12)
      activerecord (= 3.2.12)
      activeresource (= 3.2.12)
      activesupport (= 3.2.12)
      bundler (~> 1.0)
      railties (= 3.2.12)
    railties (3.2.12)
      actionpack (= 3.2.12)
      activesupport (= 3.2.12)
      rack-ssl (~> 1.3.2)
      rake (>= 0.8.7)
      rdoc (~> 3.4)
      thor (>= 0.14.6, < 2.0)
    rake (10.0.3)
    rdoc (3.12.2)
      json (~> 1.4)
    rspec-core (2.13.0)
    rspec-expectations (2.13.0)
      diff-lcs (>= 1.1.3, < 2.0)
    rspec-mocks (2.13.0)
    rspec-rails (2.13.0)
      actionpack (>= 3.0)
      activesupport (>= 3.0)
      railties (>= 3.0)
      rspec-core (~> 2.13.0)
      rspec-expectations (~> 2.13.0)
      rspec-mocks (~> 2.13.0)
    ruby-debug-base19 (0.11.25)
      columnize (>= 0.3.1)
      linecache19 (>= 0.5.11)
      ruby_core_source (>= 0.1.4)
    ruby-debug-base19x (0.11.30.pre10)
      columnize (>= 0.3.1)
      linecache19 (>= 0.5.11)
      rake (>= 0.8.1)
      ruby_core_source (>= 0.1.4)
    ruby-debug19 (0.11.6)
      columnize (>= 0.3.1)
      linecache19 (>= 0.5.11)
      ruby-debug-base19 (>= 0.11.19)
    ruby-ole (1.2.11.6)
    ruby_core_source (0.1.5)
      archive-tar-minitar (>= 0.5.2)
    rubyzip (0.9.9)
    rvm-capistrano (1.2.7)
      capistrano (>= 2.0.0)
    sanitize (2.0.3)
      nokogiri (>= 1.4.4, < 1.6)
    sass (3.2.6)
    sass-rails (3.2.6)
      railties (~> 3.2.0)
      sass (>= 3.1.10)
      tilt (~> 1.3)
    select2-rails (3.3.0)
      sass-rails (~> 3.2)
      thor (~> 0.14)
    settingslogic (2.0.9)
    shoulda (3.3.2)
      shoulda-context (~> 1.0.1)
      shoulda-matchers (~> 1.4.1)
    shoulda-context (1.0.2)
    shoulda-matchers (1.4.2)
      activesupport (>= 3.0.0)
      bourne (~> 1.1.2)
    simple_navigation (1.4.5)
    sinatra (1.3.5)
      rack (~> 1.4)
      rack-protection (~> 1.3)
      tilt (~> 1.3, >= 1.3.3)
    spreadsheet (0.8.2)
      ruby-ole (>= 1.0)
    sprockets (2.2.2)
      hike (~> 1.2)
      multi_json (~> 1.0)
      rack (~> 1.0)
      tilt (~> 1.1, != 1.3.0)
    stringex (1.5.1)
    strong_parameters (0.2.0)
      actionpack (~> 3.0)
      activemodel (~> 3.0)
      railties (~> 3.0)
    thor (0.17.0)
    tilt (1.3.4)
    treetop (1.4.12)
      polyglot
      polyglot (>= 0.3.1)
    tzinfo (0.3.35)
    useragent (0.4.16)
    warden (1.2.1)
      rack (>= 1.0)
    whenever (0.8.2)
      activesupport (>= 2.3.4)
      chronic (>= 0.6.3)
    will_paginate (3.0.4)
    yajl-ruby (1.1.0)

PLATFORMS
  ruby

DEPENDENCIES
  ancestry
  auto_strip_attributes (~> 1.0)
  builder
  cancan
  devise
  devise_ldap_authenticatable
  event-calendar
  factory_girl
  factory_girl_rails
  formtastic
  gollum
  jquery-rails
  json_builder
  linecache19!
  madeline (~> 0.1.10)
  mysql2
  paperclip
  rails
  rake (= 10.0.3)
  rspec-rails
  ruby-debug-base19x (~> 0.11.30.pre10)
  ruby-debug19
  rubyzip
  rvm-capistrano
  select2-rails
  settingslogic
  shoulda
  shoulda-matchers
  simple_navigation
  spreadsheet
  strong_parameters
  whenever
  will_paginate
